GEM
  remote: http://rubygems.org/
  specs:
    mini_portile2 (2.2.0)
    mustermann (1.0.1)
    nokogiri (1.8.0)
      mini_portile2 (~> 2.2.0)
    rack (2.0.3)
    rack-protection (2.0.0)
      rack
    sinatra (2.0.0)
      mustermann (~> 1.0)
      rack (~> 2.0)
      rack-protection (= 2.0.0)
      tilt (~> 2.0)
    tilt (2.0.8)

PLATFORMS
  ruby

DEPENDENCIES
  nokogiri (= 1.8.0)
  sinatra (= 2.0.0)

BUNDLED WITH
   1.15.4
