GEM
  remote: https://rubygems.org/
  specs:
    async (1.29.0)
      console (~> 1.10)
      nio4r (~> 2.3)
      timers (~> 4.1)
    console (1.12.0)
      fiber-local
    daemons (1.4.0)
    eventmachine (1.2.7)
    fiber-local (1.0.0)
    mustermann (1.1.1)
      ruby2_keywords (~> 0.0.1)
    nio4r (2.5.7)
    nokogiri (1.13.4-arm64-darwin)
      racc (~> 1.4)
    nokogiri (1.13.4-x86_64-linux)
      racc (~> 1.4)
    racc (1.6.0)
    rack (2.2.3)
    rack-protection (2.1.0)
      rack
    ruby2_keywords (0.0.4)
    sinatra (2.1.0)
      mustermann (~> 1.0)
      rack (~> 2.2)
      rack-protection (= 2.1.0)
      tilt (~> 2.0)
    thin (1.8.0)
      daemons (~> 1.0, >= 1.0.9)
      eventmachine (~> 1.0, >= 1.0.4)
      rack (>= 1, < 3)
    tilt (2.0.10)
    timers (4.3.3)

PLATFORMS
  arm64-darwin-20
  x86_64-linux

DEPENDENCIES
  async (>= 1.28.9)
  nokogiri (= 1.13.4)
  rack (>= 2.2.0)
  sinatra (= 2.1.0)
  thin (= 1.8.0)

RUBY VERSION
   ruby 3.0.0p0

BUNDLED WITH
   2.2.11
