GEM
  remote: http://rubygems.org/
  specs:
    mini_portile2 (2.4.0)
    mustermann (1.0.3)
    nokogiri (1.10.8)
      mini_portile2 (~> 2.4.0)
    rack (2.1.4)
    rack-protection (2.0.5)
      rack
    sinatra (2.0.5)
      mustermann (~> 1.0)
      rack (~> 2.0)
      rack-protection (= 2.0.5)
      tilt (~> 2.0)
    tilt (2.0.10)

PLATFORMS
  ruby

DEPENDENCIES
  nokogiri (= 1.10.8)
  rack (>= 2.0.8)
  sinatra (= 2.0.5)

RUBY VERSION
   ruby 2.5.7p206

BUNDLED WITH
   2.1.2
